RESTRICTION: >= net461
NUGET
  remote: https://www.nuget.org/api/v2
    Argu (3.7)
      FSharp.Core (>= 4.0.1.7-alpha) - restriction: && (>= net461) (>= netstandard1.6)
      NETStandard.Library (>= 1.6) - restriction: && (>= net461) (>= netstandard1.6)
      System.Xml.XDocument (>= 4.0.11) - restriction: && (>= net461) (>= netstandard1.6)
    Expecto (5.0.1)
      Argu (>= 3.7)
      FSharp.Core (>= 4.1.12) - restriction: && (>= net461) (< netstandard1.6)
      FSharp.Core (>= 4.1.18) - restriction: && (>= net461) (>= netstandard1.6)
      Mono.Cecil (>= 0.10.0-beta5)
      NETStandard.Library (>= 1.6.1) - restriction: && (>= net461) (>= netstandard1.6)
      System.Diagnostics.FileVersionInfo (>= 4.3) - restriction: && (>= net461) (>= netstandard1.6)
      System.Diagnostics.TraceSource (>= 4.3) - restriction: && (>= net461) (>= netstandard1.6)
      System.Linq.Parallel (>= 4.3) - restriction: && (>= net461) (>= netstandard1.6)
    FAKE (4.63.2)
    FSharp.Core (4.2.3)
    Microsoft.NETCore.Platforms (2.0.1) - restriction: || (&& (>= monotouch) (>= net461)) (&& (< net45) (>= net461) (>= netstandard2.0)) (&& (>= net461) (>= netcoreapp2.0)) (&& (>= net461) (>= netstandard1.6)) (&& (>= net461) (>= xamarinios)) (&& (>= net461) (>= xamarinmac)) (&& (>= net461) (>= xamarintvos)) (&& (>= net461) (>= xamarinwatchos))
    Mono.Cecil (0.10.0-beta7)
    NETStandard.Library (2.0.1) - restriction: && (>= net461) (>= netstandard1.6)
      Microsoft.NETCore.Platforms (>= 1.1)
    System.Diagnostics.FileVersionInfo (4.3) - restriction: && (>= net461) (>= netstandard1.6)
    System.Diagnostics.TraceSource (4.3) - restriction: && (>= net461) (>= netstandard1.6)
    System.Linq.Parallel (4.3) - restriction: && (>= net461) (>= netstandard1.6)
    System.Xml.XDocument (4.3) - restriction: && (>= net461) (>= netstandard1.6)
